PATH
  remote: .
  specs:
    cloud_profile (0.0.1)

GEM
  remote: https://rubygems.org/
  specs:

PLATFORMS
  ruby

DEPENDENCIES
  cloud_profile!
